GIT
  remote: git://github.com/seyhunak/twitter-bootstrap-rails.git
  revision: c5297b18b8f37afe33d764eb5201c8ddc5902995
  specs:
    twitter-bootstrap-rails (3.2.1)
      actionpack (>= 3.1)
      execjs (>= 2.2.2, >= 2.2)
      less-rails (>= 2.5.0)
      railties (>= 3.1)

GEM
  remote: https://rubygems.org/
  specs:
    actionmailer (4.2.0.beta4)
      actionpack (= 4.2.0.beta4)
      actionview (= 4.2.0.beta4)
      activejob (= 4.2.0.beta4)
      mail (~> 2.5, >= 2.5.4)
      rails-dom-testing (~> 1.0, >= 1.0.4)
    actionpack (4.2.0.beta4)
      actionview (= 4.2.0.beta4)
      activesupport (= 4.2.0.beta4)
      rack (~> 1.6.0.beta)
      rack-test (~> 0.6.2)
      rails-dom-testing (~> 1.0, >= 1.0.4)
      rails-html-sanitizer (~> 1.0, >= 1.0.1)
    actionview (4.2.0.beta4)
      activesupport (= 4.2.0.beta4)
      builder (~> 3.1)
      erubis (~> 2.7.0)
      rails-dom-testing (~> 1.0, >= 1.0.4)
      rails-html-sanitizer (~> 1.0, >= 1.0.1)
    active_median (0.1.2)
      activerecord
    activejob (4.2.0.beta4)
      activesupport (= 4.2.0.beta4)
      globalid (>= 0.3.0)
    activemodel (4.2.0.beta4)
      activesupport (= 4.2.0.beta4)
      builder (~> 3.1)
    activerecord (4.2.0.beta4)
      activemodel (= 4.2.0.beta4)
      activesupport (= 4.2.0.beta4)
      arel (>= 6.0.0.beta2, < 6.1)
    activesupport (4.2.0.beta4)
      i18n (>= 0.7.0.beta1, < 0.8)
      json (~> 1.7, >= 1.7.7)
      minitest (~> 5.1)
      thread_safe (~> 0.1)
      tzinfo (~> 1.1)
    angular-rails-templates (0.2.0)
      railties (>= 3.1)
      sprockets (~> 2)
      tilt
    arel (6.0.0.beta2)
    aws-sdk (2.0.22)
      aws-sdk-resources (= 2.0.22)
    aws-sdk-core (2.0.22)
      builder (~> 3.0)
      jmespath (~> 1.0)
      multi_json (~> 1.0)
      multi_xml (~> 0.5)
    aws-sdk-resources (2.0.22)
      aws-sdk-core (= 2.0.22)
    bcrypt (3.1.10)
    better_errors (1.1.0)
      coderay (>= 1.0.0)
      erubis (>= 2.6.6)
    binding_of_caller (0.7.2)
      debug_inspector (>= 0.0.1)
    bower-rails (0.10.0)
    builder (3.2.2)
    byebug (5.0.0)
      columnize (= 0.9.0)
    chartkick (1.2.5)
    climate_control (0.0.3)
      activesupport (>= 3.0)
    cocaine (0.5.7)
      climate_control (>= 0.0.3, < 1.0)
    coderay (1.1.0)
    coffee-rails (4.1.0)
      coffee-script (>= 2.2.0)
      railties (>= 4.0.0, < 5.0)
    coffee-script (2.4.1)
      coffee-script-source
      execjs
    coffee-script-source (1.9.1.1)
    columnize (0.9.0)
    commonjs (0.2.7)
    d3-rails (3.5.5)
      railties (>= 3.1)
    debug_inspector (0.0.2)
    devise (3.5.1)
      bcrypt (~> 3.0)
      orm_adapter (~> 0.1)
      railties (>= 3.2.6, < 5)
      responders
      thread_safe (~> 0.1)
      warden (~> 1.2.3)
    dotenv (1.0.2)
    dotenv-rails (1.0.2)
      dotenv (= 1.0.2)
    erubis (2.7.0)
    execjs (2.5.2)
    font-awesome-rails (4.3.0.0)
      railties (>= 3.2, < 5.0)
    friendly_id (5.1.0)
      activerecord (>= 4.0.0)
    geocoder (1.2.8)
    globalid (0.3.5)
      activesupport (>= 4.1.0)
    gravatarify (3.0.0)
    groupdate (2.1.1)
      activerecord (>= 3.0.0)
    hightop (0.1.2)
      activerecord
    hike (1.2.3)
    i18n (0.7.0)
    jbuilder (2.2.16)
      activesupport (>= 3.0.0, < 5)
      multi_json (~> 1.2)
    jmespath (1.0.2)
      multi_json (~> 1.0)
    jquery-rails (4.0.1)
      rails-dom-testing (~> 1.0)
      railties (>= 4.2.0.beta)
      thor (>= 0.14, < 2.0)
    json (1.8.2)
    less (2.6.0)
      commonjs (~> 0.2.7)
    less-rails (2.7.0)
      actionpack (>= 4.0)
      less (~> 2.6.0)
      sprockets (> 2, < 4)
      tilt
    loofah (2.0.2)
      nokogiri (>= 1.5.9)
    mail (2.6.3)
      mime-types (>= 1.16, < 3)
    mime-types (2.6.1)
    mini_portile (0.6.2)
    minitest (5.7.0)
    multi_json (1.11.0)
    multi_xml (0.5.5)
    nokogiri (1.6.6.2)
      mini_portile (~> 0.6.0)
    orm_adapter (0.5.0)
    paperclip (4.2.1)
      activemodel (>= 3.0.0)
      activesupport (>= 3.0.0)
      cocaine (~> 0.5.3)
      mime-types
    pg (0.18.2)
    rack (1.6.1)
    rack-test (0.6.3)
      rack (>= 1.0)
    rails (4.2.0.beta4)
      actionmailer (= 4.2.0.beta4)
      actionpack (= 4.2.0.beta4)
      actionview (= 4.2.0.beta4)
      activejob (= 4.2.0.beta4)
      activemodel (= 4.2.0.beta4)
      activerecord (= 4.2.0.beta4)
      activesupport (= 4.2.0.beta4)
      bundler (>= 1.3.0, < 2.0)
      railties (= 4.2.0.beta4)
      sprockets-rails (~> 3.0.0.beta1)
    rails-deprecated_sanitizer (1.0.3)
      activesupport (>= 4.2.0.alpha)
    rails-dom-testing (1.0.6)
      activesupport (>= 4.2.0.beta, < 5.0)
      nokogiri (~> 1.6.0)
      rails-deprecated_sanitizer (>= 1.0.1)
    rails-html-sanitizer (1.0.2)
      loofah (~> 2.0)
    rails_12factor (0.0.3)
      rails_serve_static_assets
      rails_stdout_logging
    rails_serve_static_assets (0.0.4)
    rails_stdout_logging (0.0.3)
    railties (4.2.0.beta4)
      actionpack (= 4.2.0.beta4)
      activesupport (= 4.2.0.beta4)
      rake (>= 0.8.7)
      thor (>= 0.18.1, < 2.0)
    rake (10.4.2)
    rdoc (4.2.0)
      json (~> 1.4)
    responders (2.0.2)
      railties (>= 4.2.0.alpha, < 5)
    sass (3.4.14)
    sass-rails (5.0.3)
      railties (>= 4.0.0, < 5.0)
      sass (~> 3.1)
      sprockets (>= 2.8, < 4.0)
      sprockets-rails (>= 2.0, < 4.0)
      tilt (~> 1.1)
    sdoc (0.4.1)
      json (~> 1.7, >= 1.7.7)
      rdoc (~> 4.0)
    simple_form (3.1.0)
      actionpack (~> 4.0)
      activemodel (~> 4.0)
    spring (1.3.6)
    sprockets (2.12.3)
      hike (~> 1.2)
      multi_json (~> 1.0)
      rack (~> 1.0)
      tilt (~> 1.1, != 1.3.0)
    sprockets-rails (3.0.0.beta1)
      actionpack (>= 4.0)
      activesupport (>= 4.0)
      sprockets (~> 2.8)
    sqlite3 (1.3.10)
    thor (0.19.1)
    thread_safe (0.3.5)
    tilt (1.4.1)
    tzinfo (1.2.2)
      thread_safe (~> 0.1)
    uglifier (2.7.1)
      execjs (>= 0.3.0)
      json (>= 1.8.0)
    warden (1.2.3)
      rack (>= 1.0)
    web-console (2.0.0)
      activemodel (~> 4.0)
      binding_of_caller (>= 0.7.2)
      railties (~> 4.0)
      sprockets-rails (>= 2.0, < 4.0)

PLATFORMS
  ruby

DEPENDENCIES
  active_median (~> 0.1.0)
  angular-rails-templates
  arel (= 6.0.0.beta2)
  aws-sdk
  better_errors
  bower-rails
  byebug
  chartkick (~> 1.2.4)
  coffee-rails (~> 4.1.0)
  d3-rails
  devise
  dotenv-rails
  font-awesome-rails
  friendly_id
  geocoder
  gravatarify (~> 3.0.0)
  groupdate (~> 2.1.1)
  hightop
  jbuilder (~> 2.0)
  jquery-rails (~> 4.0.0.beta2)
  paperclip
  pg
  rails (= 4.2.0.beta4)
  rails_12factor
  sass-rails (~> 5.0.0.beta1)
  sdoc (~> 0.4.0)
  simple_form
  spring
  sqlite3
  twitter-bootstrap-rails!
  uglifier (>= 1.3.0)
  web-console (~> 2.0.0.beta4)
